PATH
  remote: .
  specs:
    mimic (0.4.3)
      json
      plist (~> 3.1.0)
      rack
      sinatra
      thin

GEM
  remote: http://rubygems.org/
  specs:
    builder (3.2.2)
    cucumber (2.3.3)
      builder (>= 2.1.2)
      cucumber-core (~> 1.4.0)
      cucumber-wire (~> 0.0.1)
      diff-lcs (>= 1.1.3)
      gherkin (~> 3.2.0)
      multi_json (>= 1.7.5, < 2.0)
      multi_test (>= 0.1.2)
    cucumber-core (1.4.0)
      gherkin (~> 3.2.0)
    cucumber-wire (0.0.1)
    daemons (1.2.3)
    diff-lcs (1.2.5)
    domain_name (0.5.20160310)
      unf (>= 0.0.5, < 1.0.0)
    eventmachine (1.2.0.1)
    gherkin (3.2.0)
    http-cookie (1.0.2)
      domain_name (~> 0.5)
    json (1.8.3)
    metaclass (0.0.4)
    mime-types (2.99.2)
    mocha (1.1.0)
      metaclass (~> 0.0.1)
    multi_json (1.12.1)
    multi_test (0.1.2)
    mustermann (1.0.3)
    netrc (0.11.0)
    plist (3.1.0)
    rack (2.0.7)
    rack-protection (2.0.7)
      rack
    rake (11.1.2)
    rdoc (4.2.2)
      json (~> 1.4)
    rest-client (1.8.0)
      http-cookie (>= 1.0.2, < 2.0)
      mime-types (>= 1.16, < 3.0)
      netrc (~> 0.7)
    rspec (3.4.0)
      rspec-core (~> 3.4.0)
      rspec-expectations (~> 3.4.0)
      rspec-mocks (~> 3.4.0)
    rspec-core (3.4.4)
      rspec-support (~> 3.4.0)
    rspec-expectations (3.4.0)
      diff-lcs (>= 1.2.0, < 2.0)
      rspec-support (~> 3.4.0)
    rspec-mocks (3.4.1)
      diff-lcs (>= 1.2.0, < 2.0)
      rspec-support (~> 3.4.0)
    rspec-support (3.4.1)
    sinatra (2.0.7)
      mustermann (~> 1.0)
      rack (~> 2.0)
      rack-protection (= 2.0.7)
      tilt (~> 2.0)
    thin (1.7.0)
      daemons (~> 1.0, >= 1.0.9)
      eventmachine (~> 1.0, >= 1.0.4)
      rack (>= 1, < 3)
    tilt (2.0.10)
    unf (0.1.4)
      unf_ext
    unf_ext (0.0.7.2)

PLATFORMS
  ruby

DEPENDENCIES
  cucumber
  mimic!
  mocha
  rake
  rdoc
  rest-client
  rspec

BUNDLED WITH
   1.12.3
